GEM
  remote: https://rubygems.org/
  specs:
    addressable (2.4.0)
    cookiejar (0.3.0)
    em-ftpd (0.0.1)
      eventmachine (~> 1.0.0.beta1)
    em-http-request (1.1.3)
      addressable (>= 2.3.4)
      cookiejar (<= 0.3.0)
      em-socksify (>= 0.3)
      eventmachine (>= 1.0.3)
      http_parser.rb (>= 0.6.0)
    em-socksify (0.3.1)
      eventmachine (>= 1.0.0.beta.4)
    eventmachine (1.0.9.1)
    happening (0.2.5)
      em-http-request
    http_parser.rb (0.6.0)
    mini_portile2 (2.0.0)
    nokogiri (1.6.7.2)
      mini_portile2 (~> 2.0.0.rc2)
    s3ftp (0.0.1)
      em-ftpd
      happening
      nokogiri

PLATFORMS
  ruby

DEPENDENCIES
  s3ftp

BUNDLED WITH
   1.10.6
